PATH
  remote: .
  specs:
    pygmy (0.9.11)
      colorize (~> 0.7)
      ptools (~> 1.3)
      thor (~> 0.19)

GEM
  remote: https://rubygems.org/
  specs:
    byebug (8.2.2)
    codeclimate-test-reporter (0.5.0)
      simplecov (>= 0.7.1, < 1.0.0)
    colorize (0.8.1)
    diff-lcs (1.2.5)
    docile (1.1.5)
    json (1.8.3)
    ptools (1.3.5)
    rake (13.0.6)
    rspec (3.4.0)
      rspec-core (~> 3.4.0)
      rspec-expectations (~> 3.4.0)
      rspec-mocks (~> 3.4.0)
    rspec-core (3.4.4)
      rspec-support (~> 3.4.0)
    rspec-expectations (3.4.0)
      diff-lcs (>= 1.2.0, < 2.0)
      rspec-support (~> 3.4.0)
    rspec-mocks (3.4.1)
      diff-lcs (>= 1.2.0, < 2.0)
      rspec-support (~> 3.4.0)
    rspec-support (3.4.1)
    simplecov (0.11.2)
      docile (~> 1.1.0)
      json (~> 1.8)
      simplecov-html (~> 0.10.0)
    simplecov-html (0.10.0)
    thor (0.20.3)

PLATFORMS
  ruby

DEPENDENCIES
  byebug (~> 8.2)
  codeclimate-test-reporter (~> 0.5)
  pygmy!
  rake (~> 13.0)
  rspec (~> 3.4)

BUNDLED WITH
   1.10.6
