PATH
  remote: .
  specs:
    pygmy (99.99.99)
      colorize (~> 0.7)
      ptools (~> 1.3)
      thor (~> 0.19)

GEM
  remote: https://rubygems.org/
  specs:
    byebug (8.2.5)
    codeclimate-test-reporter (0.5.0)
      simplecov (>= 0.7.1, < 1.0.0)
    colorize (0.8.1)
    diff-lcs (1.2.5)
    docile (1.4.0)
    ptools (1.3.5)
    rake (10.5.0)
    rspec (3.4.0)
      rspec-core (~> 3.4.0)
      rspec-expectations (~> 3.4.0)
      rspec-mocks (~> 3.4.0)
    rspec-core (3.4.4)
      rspec-support (~> 3.4.0)
    rspec-expectations (3.4.0)
      diff-lcs (>= 1.2.0, < 2.0)
      rspec-support (~> 3.4.0)
    rspec-mocks (3.4.1)
      diff-lcs (>= 1.2.0, < 2.0)
      rspec-support (~> 3.4.0)
    rspec-support (3.4.1)
    simplecov (0.22.0)
      docile (~> 1.1)
      simplecov-html (~> 0.11)
      simplecov_json_formatter (~> 0.1)
    simplecov-html (0.12.3)
    simplecov_json_formatter (0.1.4)
    thor (0.20.3)

PLATFORMS
  ruby

DEPENDENCIES
  byebug (~> 8.2)
  codeclimate-test-reporter (~> 0.5)
  pygmy!
  rake (~> 10.5)
  rspec (~> 3.4)

BUNDLED WITH
   2.5.7
