PATH
  remote: .
  specs:
    pygmy (99.99.99)
      thor (~> 1.3.0)

GEM
  remote: https://rubygems.org/
  specs:
    thor (1.3.1)

PLATFORMS
  ruby

DEPENDENCIES
  pygmy!

BUNDLED WITH
   2.5.7
